GEM
  remote: https://rubygems.org/
  specs:
    backports (3.3.0)
    diff-lcs (1.2.4)
    ffi (1.9.24)
    ffi (1.9.24-java)
    ffi (1.9.24-x86-mingw32)
    hitimes (1.2.1)
    hitimes (1.2.1-java)
    path (2.0.1)
    rake (10.0.4)
    rspec (2.13.0)
      rspec-core (~> 2.13.0)
      rspec-expectations (~> 2.13.0)
      rspec-mocks (~> 2.13.0)
    rspec-core (2.13.1)
    rspec-expectations (2.13.0)
      diff-lcs (>= 1.1.3, < 2.0)
    rspec-mocks (2.13.1)

PLATFORMS
  java
  ruby
  x86-mingw32

DEPENDENCIES
  backports (~> 3.0)
  ffi (~> 1.9.24)
  hitimes (~> 1.2)
  path (~> 2.0)
  rake
  rspec (~> 2.11)

BUNDLED WITH
   1.12.5
